PATH
  remote: .
  specs:
    phonetic (0.0.1)

GEM
  remote: https://rubygems.org/
  specs:

PLATFORMS
  ruby

DEPENDENCIES
  phonetic!

BUNDLED WITH
   1.16.0
